GIT
  remote: https://github.com/Dan2552/astar
  revision: 492a8e29dfd8d87fc19c24b3d2901362d2ee4821
  tag: 1.0.0
  specs:
    astar (1.0.0)

GIT
  remote: https://github.com/Dan2552/bresenham
  revision: 5bd7366da44c38240acd05e614525cb3d17b7a9e
  tag: 1.0.0
  specs:
    bresenham (1.0.0)

GIT
  remote: https://github.com/Dan2552/mrbrspec
  revision: bf4f552ce1003528bbcc738f5cf5b37dc2d8505d
  specs:
    mrbrspec (0.1.0)

GIT
  remote: https://github.com/Dan2552/mundler
  revision: 24067af93b4efeae038e34e71c5160a0ba8eb57c
  tag: 0.4.0
  specs:
    mundler (0.4.0)
      rake
      thor (~> 1.1.0)

PATH
  remote: .
  specs:
    theta_star (1.0.0)
      astar
      bresenham

GEM
  remote: https://rubygems.org/
  specs:
    diff-lcs (1.4.4)
    rake (13.0.3)
    rspec (3.10.0)
      rspec-core (~> 3.10.0)
      rspec-expectations (~> 3.10.0)
      rspec-mocks (~> 3.10.0)
    rspec-core (3.10.1)
      rspec-support (~> 3.10.0)
    rspec-expectations (3.10.1)
      diff-lcs (>= 1.2.0, < 2.0)
      rspec-support (~> 3.10.0)
    rspec-mocks (3.10.2)
      diff-lcs (>= 1.2.0, < 2.0)
      rspec-support (~> 3.10.0)
    rspec-support (3.10.2)
    thor (1.1.0)

PLATFORMS
  -darwin-20

DEPENDENCIES
  astar!
  bresenham!
  mrbrspec!
  mundler!
  rspec
  theta_star!

BUNDLED WITH
   2.2.16
